GEM
  remote: http://rubygems.org/
  specs:
    addressable (2.2.6)
    dailymile-ruby (0.1.3)
      faraday (~> 0.4.1)
      json_pure
      oauth2 (= 0.0.13)
    faraday (0.4.6)
      addressable (>= 2.1.1)
      rack (>= 1.0.1)
    json_pure (1.5.3)
    multi_json (1.0.3)
    nokogiri (1.4.6)
    oauth2 (0.0.13)
      faraday (~> 0.4.1)
      multi_json (>= 0.0.4)
    rack (1.3.0)
    runkeeper-activities (0.0.4)
      nokogiri (>= 1.4.4)
      yajl-ruby (>= 0.8.2)
    sinatra (1.2.6)
      rack (~> 1.1)
      tilt (< 2.0, >= 1.2.2)
    tilt (1.3.2)
    yajl-ruby (0.8.2)

PLATFORMS
  ruby

DEPENDENCIES
  dailymile-ruby (= 0.1.3)
  runkeeper-activities
  sinatra
